NUGET
  remote: https://www.nuget.org/api/v2
  specs:
    AppDomainToolkit (1.0.4.1)
    Autofac (3.3.1)
    Autofac.Extras.FakeItEasy (3.0.2)
      Autofac (>= 3.3.1 <  4.0.0)
      FakeItEasy (>= 1.18.0)
    AutoFixture (3.22.0)
    AutoPoco (1.0.0.0)
    CsQuery (1.3.4)
    FakeItEasy (1.18.0)
    FluentAssertions (2.2.0.0)
    FsUnit (1.3.0.1)
      NUnit (>= 2.6.3)
    FubuCore (1.0.0.225)
    FubuCsProjFile (1.1.0.83)
      FubuCore (>= 1.0)
    Microsoft.CodeAnalysis.Common (1.0.0-beta1-20141031-01)
      System.Collections.Immutable (1.1.32-beta)
      System.Reflection.Metadata (1.0.17-beta)
    Microsoft.CodeAnalysis.CSharp (1.0.0-beta1-20141031-01)
      Microsoft.CodeAnalysis.Common (1.0.0-beta1-20141031-01)
    Moq (4.2.1312.1622)
    Newtonsoft.Json (6.0.1)
    NuGet.CommandLine (2.8.3)
    NUnit (2.6.3)
    RazorMachine (2.6.1)
    ShellProgressBar (1.0.0.0)
    SimpleJson (0.32.0)
    System.Collections.Immutable (1.1.32-beta)
    System.Reflection.Metadata (1.0.17-beta)
      System.Collections.Immutable (>= 1.1.32-beta)
    xunit (2.0.0-beta5-build2785)
      xunit.assert (2.0.0-beta5-build2785)
      xunit.core (2.0.0-beta5-build2785)
    xunit.abstractions (2.0.0-beta5-build2785)
    xunit.assert (2.0.0-beta5-build2785)
    xunit.core (2.0.0-beta5-build2785)
      xunit.abstractions (2.0.0-beta5-build2785)
      xunit.runner.visualstudio.win8 (> 0.99.8 <  0.99.10) - winv4.5
      xunit.runner.visualstudio.wpa81 (> 0.99.8 <  0.99.10) - wpv8.1
    xunit.runner.visualstudio.win8 (0.99.9-build1021) - winv4.5
    xunit.runner.visualstudio.wpa81 (0.99.9-build1021) - wpv8.1
    YamlDotNet (3.0.0)
